GEM
  remote: https://rubygems.org/
  specs:
    dalli (2.7.0)
    haml (4.0.5)
      tilt
    kgio (2.9.2)
    rack (1.5.2)
    rack-cache (1.2)
      rack (>= 0.4)
    rack-protection (1.5.2)
      rack
    raindrops (0.13.0)
    ruby-hmac (0.4.0)
    sass (3.2.14)
    shotgun (0.9)
      rack (>= 1.0)
    sinatra (1.4.4)
      rack (~> 1.4)
      rack-protection (~> 1.4)
      tilt (~> 1.3, >= 1.3.4)
    tilt (1.4.1)
    unicorn (4.8.2)
      kgio (~> 2.6)
      rack
      raindrops (~> 0.7)

PLATFORMS
  ruby

DEPENDENCIES
  bundler
  dalli
  haml
  rack-cache
  ruby-hmac
  sass
  shotgun
  sinatra
  unicorn

RUBY VERSION
   ruby 2.2.2p95

BUNDLED WITH
   1.13.6
